GEM
  remote: https://rubygems.org/
  specs:
    sass (3.2.9)
    tilt (2.0.0.beta1)

PLATFORMS
  ruby

DEPENDENCIES
  sass
  tilt (= 2.0.0.beta1)
